PATH
  remote: .
  specs:
    gcov2x (0.4.1)
      gyoku (~> 1.0)
      mixlib-cli
      term-ansicolor
      terminal-table

GEM
  specs:
    builder (3.2.2)
    diff-lcs (1.2.5)
    docile (1.1.5)
    gyoku (1.2.2)
      builder (>= 2.1.2)
    mixlib-cli (1.5.0)
    multi_json (1.10.1)
    rake (10.4.2)
    rspec (3.1.0)
      rspec-core (~> 3.1.0)
      rspec-expectations (~> 3.1.0)
      rspec-mocks (~> 3.1.0)
    rspec-core (3.1.7)
      rspec-support (~> 3.1.0)
    rspec-expectations (3.1.2)
      diff-lcs (>= 1.2.0, < 2.0)
      rspec-support (~> 3.1.0)
    rspec-mocks (3.1.3)
      rspec-support (~> 3.1.0)
    rspec-support (3.1.2)
    rubygems-tasks (0.2.4)
    simplecov (0.9.1)
      docile (~> 1.1.0)
      multi_json (~> 1.0)
      simplecov-html (~> 0.8.0)
    simplecov-html (0.8.0)
    term-ansicolor (1.3.0)
      tins (~> 1.0)
    terminal-table (1.4.5)
    tins (1.3.3)

PLATFORMS
  ruby

DEPENDENCIES
  gcov2x!
  rake
  rspec
  rubygems-tasks
  simplecov
